GEM
  remote: https://rubygems.org/
  specs:
    apipie-bindings (0.2.3)
      json (>= 1.2.1)
      oauth
      rest-client (>= 1.6.5, < 3.0.0)
    domain_name (0.5.20180417)
      unf (>= 0.0.5, < 1.0.0)
    highline (2.0.2)
    http-cookie (1.0.3)
      domain_name (~> 0.5)
    json (2.2.0)
    mime-types (3.2.2)
      mime-types-data (~> 3.2015)
    mime-types-data (3.2019.0331)
    netrc (0.11.0)
    oauth (0.5.4)
    rest-client (2.0.2)
      http-cookie (>= 1.0.2, < 2.0)
      mime-types (>= 1.16, < 4.0)
      netrc (~> 0.8)
    unf (0.1.4)
      unf_ext
    unf_ext (0.0.7.6)

PLATFORMS
  ruby

DEPENDENCIES
  apipie-bindings
  domain_name
  highline
  http-cookie
  json
  mime-types
  mime-types-data
  netrc
  oauth
  rest-client
  unf
  unf_ext
